PATH
  remote: .
  specs:
    memories (0.3.6)
      couchrest_model (~> 1.0.0)

GEM
  remote: http://rubygems.org/
  specs:
    abstract (1.0.0)
    actionpack (3.0.12)
      activemodel (= 3.0.12)
      activesupport (= 3.0.12)
      builder (~> 2.1.2)
      erubis (~> 2.6.6)
      i18n (~> 0.5.0)
      rack (~> 1.2.5)
      rack-mount (~> 0.6.14)
      rack-test (~> 0.5.7)
      tzinfo (~> 0.3.23)
    activemodel (3.0.12)
      activesupport (= 3.0.12)
      builder (~> 2.1.2)
      i18n (~> 0.5.0)
    activesupport (3.0.12)
    builder (2.1.2)
    couchrest (1.0.2)
      json (~> 1.5.1)
      mime-types (~> 1.15)
      rest-client (~> 1.6.1)
    couchrest_model (1.0.0)
      activemodel (~> 3.0.0)
      couchrest (~> 1.0.1)
      mime-types (~> 1.15)
      railties (~> 3.0.0)
      rspec (>= 2.0.0)
      tzinfo (~> 0.3.22)
    cucumber (1.1.9)
      builder (>= 2.1.2)
      diff-lcs (>= 1.1.2)
      gherkin (~> 2.9.0)
      json (>= 1.4.6)
      term-ansicolor (>= 1.0.6)
    diff-lcs (1.1.3)
    erubis (2.6.6)
      abstract (>= 1.0.0)
    gherkin (2.9.3)
      json (>= 1.4.6)
    i18n (0.5.0)
    json (1.5.4)
    mime-types (1.18)
    rack (1.2.5)
    rack-mount (0.6.14)
      rack (>= 1.0.0)
    rack-test (0.5.7)
      rack (>= 1.0)
    railties (3.0.12)
      actionpack (= 3.0.12)
      activesupport (= 3.0.12)
      rake (>= 0.8.7)
      rdoc (~> 3.4)
      thor (~> 0.14.4)
    rake (0.9.2.2)
    rdoc (3.12)
      json (~> 1.4)
    rest-client (1.6.7)
      mime-types (>= 1.16)
    rspec (2.9.0)
      rspec-core (~> 2.9.0)
      rspec-expectations (~> 2.9.0)
      rspec-mocks (~> 2.9.0)
    rspec-core (2.9.0)
    rspec-expectations (2.9.1)
      diff-lcs (~> 1.1.3)
    rspec-mocks (2.9.0)
    term-ansicolor (1.0.7)
    thor (0.14.6)
    tzinfo (0.3.33)

PLATFORMS
  ruby

DEPENDENCIES
  cucumber
  memories!
  rspec
